GEM
  remote: http://rubygems.org/
  specs:
    abstract (1.0.0)
    dbd-sqlite3 (1.2.5)
      dbi (>= 0.4.0)
      sqlite3-ruby
    dbi (0.4.5)
      deprecated (= 2.0.1)
    deprecated (2.0.1)
    fluent-query (0.9.1)
      abstract (>= 1.0.0)
      hash-utils (>= 0.18.0)
      hashie (>= 1.0.0)
    fluent-query-dbi (0.9.1)
      abstract (>= 1.0.0)
      dbi (>= 0.4.5)
      fluent-query (>= 0.9.0)
      fluent-query-sql (>= 0.9.0)
      hash-utils (>= 0.18.0)
    fluent-query-sql (0.9.1)
      abstract (>= 1.0.0)
      fluent-query (>= 0.9.0)
      hash-utils (>= 0.18.0)
    git (1.2.5)
    hash-utils (0.18.0)
    hashie (1.0.0)
    jeweler (1.6.4)
      bundler (~> 1.0)
      git (>= 1.2.5)
      rake
    rake (0.9.2)
    sqlite3 (1.3.3)
    sqlite3-ruby (1.3.3)
      sqlite3 (>= 1.3.3)

PLATFORMS
  ruby

DEPENDENCIES
  bundler (>= 1.0.13)
  dbd-sqlite3 (>= 1.2.5)
  fluent-query (>= 0.9.0)
  fluent-query-dbi (>= 0.9.0)
  fluent-query-sql (>= 0.9.0)
  jeweler (>= 1.6.0)
